GEM
  remote: http://rubygems.org/
  specs:
    activesupport (4.2.3)
      i18n (~> 0.7)
      json (~> 1.7, >= 1.7.7)
      minitest (~> 5.1)
      thread_safe (~> 0.3, >= 0.3.4)
      tzinfo (~> 1.1)
    addressable (2.3.8)
    awesome_print (1.6.1)
    builder (3.2.2)
    byebug (4.0.5)
      columnize (= 0.9.0)
    coderay (1.1.0)
    columnize (0.9.0)
    coolline (0.5.0)
      unicode_utils (~> 1.4)
    descendants_tracker (0.0.4)
      thread_safe (~> 0.3, >= 0.3.1)
    diff-lcs (1.2.5)
    diffy (3.0.7)
    docile (1.1.5)
    faraday (0.9.1)
      multipart-post (>= 1.2, < 3)
    git (1.2.9.1)
    github_api (0.12.3)
      addressable (~> 2.3)
      descendants_tracker (~> 0.0.4)
      faraday (~> 0.8, < 0.10)
      hashie (>= 3.3)
      multi_json (>= 1.7.5, < 2.0)
      nokogiri (~> 1.6.3)
      oauth2
    grit (2.5.0)
      diff-lcs (~> 1.1)
      mime-types (~> 1.15)
      posix-spawn (~> 0.3.6)
    hashie (3.4.2)
    highline (1.7.2)
    hirb (0.7.3)
    i18n (0.7.0)
    jazz_fingers (2.0.1)
      awesome_print (~> 1.6)
      hirb (~> 0.7)
      pry (~> 0.10)
      pry-byebug (~> 3.1)
      pry-coolline (~> 0.2)
      pry-doc (~> 0.6)
      pry-git (~> 0.2)
      pry-remote (>= 0.1.7)
    jeweler (2.0.1)
      builder
      bundler (>= 1.0)
      git (>= 1.2.5)
      github_api
      highline (>= 1.6.15)
      nokogiri (>= 1.5.10)
      rake
      rdoc
    json (1.8.3)
    jwt (1.5.1)
    method_source (0.8.2)
    mime-types (1.25.1)
    mini_portile (0.6.2)
    minitest (5.7.0)
    multi_json (1.11.2)
    multi_xml (0.5.5)
    multipart-post (2.0.0)
    nokogiri (1.6.6.2)
      mini_portile (~> 0.6.0)
    oauth2 (1.0.0)
      faraday (>= 0.8, < 0.10)
      jwt (~> 1.0)
      multi_json (~> 1.3)
      multi_xml (~> 0.5)
      rack (~> 1.2)
    posix-spawn (0.3.11)
    pry (0.10.1)
      coderay (~> 1.1.0)
      method_source (~> 0.8.1)
      slop (~> 3.4)
    pry-byebug (3.1.0)
      byebug (~> 4.0)
      pry (~> 0.10)
    pry-coolline (0.2.5)
      coolline (~> 0.5)
    pry-doc (0.8.0)
      pry (~> 0.9)
      yard (~> 0.8)
    pry-git (0.2.3)
      diffy
      grit
      pry (>= 0.9.8)
    pry-remote (0.1.8)
      pry (~> 0.9)
      slop (~> 3.0)
    rack (1.6.4)
    rake (10.4.2)
    rdoc (3.12.2)
      json (~> 1.4)
    shoulda (3.5.0)
      shoulda-context (~> 1.0, >= 1.0.1)
      shoulda-matchers (>= 1.4.1, < 3.0)
    shoulda-context (1.2.1)
    shoulda-matchers (2.8.0)
      activesupport (>= 3.0.0)
    simplecov (0.10.0)
      docile (~> 1.1.0)
      json (~> 1.8)
      simplecov-html (~> 0.10.0)
    simplecov-html (0.10.0)
    slop (3.6.0)
    thread_safe (0.3.5)
    tzinfo (1.2.2)
      thread_safe (~> 0.1)
    unicode_utils (1.4.0)
    yard (0.8.7.6)

PLATFORMS
  ruby

DEPENDENCIES
  bundler (~> 1.0)
  jazz_fingers
  jeweler (~> 2.0.1)
  rdoc (~> 3.12)
  shoulda
  simplecov
